PATH
  remote: ../core
  specs:
    magic_doku (0.0.1)
      json (~> 2.7)
      yaml

GEM
  remote: https://rubygems.org/
  specs:
    byebug (11.1.3)
    haml (6.3.0)
      temple (>= 0.8.2)
      thor
      tilt
    json (2.7.1)
    multi_json (1.15.0)
    mustermann (2.0.2)
      ruby2_keywords (~> 0.0.1)
    nio4r (2.7.0)
    puma (5.6.8)
      nio4r (~> 2.0)
    rack (2.2.8.1)
    rack-contrib (2.4.0)
      rack (< 4)
    rack-cors (2.0.1)
      rack (>= 2.0.0)
    rack-protection (2.2.4)
      rack
    ruby2_keywords (0.0.5)
    sinatra (2.2.4)
      mustermann (~> 2.0)
      rack (~> 2.2)
      rack-protection (= 2.2.4)
      tilt (~> 2.0)
    sinatra-contrib (2.2.4)
      multi_json
      mustermann (~> 2.0)
      rack-protection (= 2.2.4)
      sinatra (= 2.2.4)
      tilt (~> 2.0)
    temple (0.10.3)
    thor (1.3.0)
    tilt (2.3.0)
    yaml (0.2.1)

PLATFORMS
  x64-mingw-ucrt

DEPENDENCIES
  byebug
  haml (~> 6.3)
  magic_doku!
  puma (~> 5.6)
  rack-contrib (~> 2.3)
  rack-cors
  sinatra (~> 2.2)
  sinatra-contrib

BUNDLED WITH
   2.4.13
